PATH
  remote: .
  specs:
    twisted-caldav (0.0.1)
      builder (~> 3.x)
      icalendar (~> 2.x)
      net-http-digest_auth (~> 1.x)
      rake (~> 13.0)
      uuid (~> 2.x)

GEM
  remote: https://rubygems.org/
  specs:
    addressable (2.7.0)
      public_suffix (>= 2.0.2, < 5.0)
    builder (3.2.4)
    crack (0.4.5)
      rexml
    diff-lcs (1.4.4)
    hashdiff (1.0.1)
    icalendar (2.7.0)
      ice_cube (~> 0.16)
    ice_cube (0.16.3)
    macaddr (1.7.2)
      systemu (~> 2.6.5)
    net-http-digest_auth (1.4.1)
    public_suffix (4.0.6)
    rake (13.0.1)
    rexml (3.2.5)
    rspec (3.10.0)
      rspec-core (~> 3.10.0)
      rspec-expectations (~> 3.10.0)
      rspec-mocks (~> 3.10.0)
    rspec-core (3.10.0)
      rspec-support (~> 3.10.0)
    rspec-expectations (3.10.0)
      diff-lcs (>= 1.2.0, < 2.0)
      rspec-support (~> 3.10.0)
    rspec-mocks (3.10.0)
      diff-lcs (>= 1.2.0, < 2.0)
      rspec-support (~> 3.10.0)
    rspec-support (3.10.0)
    systemu (2.6.5)
    uuid (2.3.9)
      macaddr (~> 1.0)
    webmock (3.11.1)
      addressable (>= 2.3.6)
      crack (>= 0.3.2)
      hashdiff (>= 0.4.0, < 2.0.0)

PLATFORMS
  ruby

DEPENDENCIES
  bundler (~> 2.0)
  rspec
  twisted-caldav!
  webmock

BUNDLED WITH
   2.2.4
